PATH
  remote: .
  specs:
    rautomation (0.12.0)
      ffi

GEM
  remote: https://rubygems.org/
  specs:
    diff-lcs (1.1.3)
    ffi (1.9.0-x86-mingw32)
    rake (0.9.2.2)
    rspec (2.8.0)
      rspec-core (~> 2.8.0)
      rspec-expectations (~> 2.8.0)
      rspec-mocks (~> 2.8.0)
    rspec-core (2.8.0)
    rspec-expectations (2.8.0)
      diff-lcs (~> 1.1.2)
    rspec-mocks (2.8.0)
    yard (0.8.6.1)

PLATFORMS
  x86-mingw32

DEPENDENCIES
  rake
  rautomation!
  rspec (~> 2.3)
  yard
